GEM
  remote: https://rubygems.org/
  specs:
    gosu (0.13.1)

PLATFORMS
  ruby

DEPENDENCIES
  gosu

BUNDLED WITH
   1.16.0
